PATH
  remote: .
  specs:
    ruby-vernac-parser (0.0.1)

GEM
  remote: https://rubygems.org/
  specs:
    coderay (1.1.3)
    diff-lcs (1.5.0)
    fileutils (1.6.0)
    method_source (1.0.0)
    pry (0.14.2)
      coderay (~> 1.1)
      method_source (~> 1.0)
    pry-nav (1.0.0)
      pry (>= 0.9.10, < 0.15)
    rake (10.3.2)
    rspec (3.12.0)
      rspec-core (~> 3.12.0)
      rspec-expectations (~> 3.12.0)
      rspec-mocks (~> 3.12.0)
    rspec-core (3.12.2)
      rspec-support (~> 3.12.0)
    rspec-expectations (3.12.3)
      diff-lcs (>= 1.2.0, < 2.0)
      rspec-support (~> 3.12.0)
    rspec-mocks (3.12.6)
      diff-lcs (>= 1.2.0, < 2.0)
      rspec-support (~> 3.12.0)
    rspec-support (3.12.1)
    yaml (0.2.0)

PLATFORMS
  x86_64-linux

DEPENDENCIES
  fileutils (~> 1.6)
  pry-nav (~> 1.0)
  rake (~> 10.3.2)
  rspec (~> 3.12)
  rspec-expectations (~> 3.12)
  ruby-vernac-parser!
  yaml (~> 0.2.0)

BUNDLED WITH
   2.3.25
