PATH
  remote: .
  specs:
    ruby-vernac-parser (0.0.1)

GEM
  remote: https://rubygems.org/
  specs:
    fileutils (1.6.0)
    rake (10.3.2)
    yaml (0.2.0)

PLATFORMS
  x86_64-linux

DEPENDENCIES
  fileutils (~> 1.6)
  rake (~> 10.3.2)
  ruby-vernac-parser!
  yaml (~> 0.2.0)

BUNDLED WITH
   2.3.25
